GEM
  remote: https://rubygems.org/
  specs:
    addressable (2.3.8)
    faraday (0.9.1)
      multipart-post (>= 1.2, < 3)
    gender_detector (0.1.2)
      unicode_utils (>= 1.3.0)
    geokit (1.9.0)
      multi_json (>= 1.3.2)
    multi_json (1.11.2)
    multipart-post (2.0.0)
    octokit (4.0.1)
      sawyer (~> 0.6.0, >= 0.5.3)
    sawyer (0.6.0)
      addressable (~> 2.3.5)
      faraday (~> 0.8, < 0.10)
    silent (0.2.0)
    unicode_utils (1.4.0)

PLATFORMS
  ruby

DEPENDENCIES
  gender_detector
  geokit
  octokit
  silent (~> 0.2.0)
